PATH
  remote: .
  specs:
    ruby-smpp (0.6.0)
      eventmachine (>= 0.10.0)

GEM
  remote: https://rubygems.org/
  specs:
    eventmachine (0.12.10)
    rake (0.9.2)
    test-unit (2.5.4)

PLATFORMS
  ruby

DEPENDENCIES
  bundler (~> 1.3)
  rake
  ruby-smpp!
  test-unit
